GEM
  remote: http://rubygems.org/
  specs:
    actionmailer (3.1.0.rc1)
      actionpack (= 3.1.0.rc1)
      mail (~> 2.3.0)
    actionpack (3.1.0.rc1)
      activemodel (= 3.1.0.rc1)
      activesupport (= 3.1.0.rc1)
      builder (~> 3.0.0)
      erubis (~> 2.7.0)
      i18n (~> 0.6.0beta1)
      rack (~> 1.3.0.beta2)
      rack-cache (~> 1.0.1)
      rack-mount (~> 0.8.1)
      rack-test (~> 0.6.0)
      sprockets (~> 2.0.0.beta.5)
      tzinfo (~> 0.3.27)
    activemodel (3.1.0.rc1)
      activesupport (= 3.1.0.rc1)
      bcrypt-ruby (~> 2.1.4)
      builder (~> 3.0.0)
      i18n (~> 0.6.0beta1)
    activerecord (3.1.0.rc1)
      activemodel (= 3.1.0.rc1)
      activesupport (= 3.1.0.rc1)
      arel (~> 2.1.1)
      tzinfo (~> 0.3.27)
    activeresource (3.1.0.rc1)
      activemodel (= 3.1.0.rc1)
      activesupport (= 3.1.0.rc1)
    activesupport (3.1.0.rc1)
      multi_json (~> 1.0)
    addressable (2.2.4)
    ancestry (1.2.4)
      activerecord (>= 2.2.2)
    archive-tar-minitar (0.5.2)
    arel (2.1.1)
    attr_required (0.0.3)
    bcrypt-ruby (2.1.4)
    builder (3.0.0)
    cancan (1.6.5)
    capistrano (2.6.0)
      highline
      net-scp (>= 1.0.0)
      net-sftp (>= 2.0.0)
      net-ssh (>= 2.0.14)
      net-ssh-gateway (>= 1.1.0)
    capistrano-ext (1.2.1)
      capistrano (>= 1.0.0)
    capybara (1.0.0)
      mime-types (>= 1.16)
      nokogiri (>= 1.3.3)
      rack (>= 1.0.0)
      rack-test (>= 0.5.4)
      selenium-webdriver (~> 0.2.0)
      xpath (~> 0.1.4)
    childprocess (0.1.9)
      ffi (~> 1.0.6)
    coffee-filter (0.1.0)
      coffee-script (>= 2.2.0)
      haml (>= 3.0.18)
    coffee-script (2.2.0)
      coffee-script-source
      execjs
    coffee-script-source (1.1.1)
    columnize (0.3.2)
    configuration (1.2.0)
    cucumber (0.10.7)
      builder (>= 2.1.2)
      diff-lcs (>= 1.1.2)
      gherkin (~> 2.4.0)
      json (>= 1.4.6)
      term-ansicolor (>= 1.0.5)
    cucumber-rails (0.5.2)
      capybara (>= 1.0.0.rc1)
      cucumber (>= 0.10.5)
      nokogiri (>= 1.4.4)
      rack-test (>= 0.5.7)
    daemons (1.1.3)
    database_cleaner (0.6.7)
    delayed_job (2.1.4)
      activesupport (~> 3.0)
      daemons
    devise (1.2.1)
      bcrypt-ruby (~> 2.1.2)
      orm_adapter (~> 0.0.3)
      warden (~> 1.0.3)
    diff-lcs (1.1.2)
    email_spec (1.1.1)
      rspec (~> 2.0)
    erubis (2.7.0)
    execjs (1.0.0)
      multi_json (~> 1.0)
    factory_girl (1.3.3)
    factory_girl_rails (1.0.1)
      factory_girl (~> 1.3)
      railties (>= 3.0.0)
    faraday (0.6.1)
      addressable (~> 2.2.4)
      multipart-post (~> 1.1.0)
      rack (< 2, >= 1.1.0)
    faraday_middleware (0.6.3)
      faraday (~> 0.6.0)
    fb_graph (1.8.4)
      httpclient (>= 2.2.0.2)
      rack-oauth2 (>= 0.8.0)
    ffi (1.0.9)
    fuubar-cucumber (0.0.9)
      cucumber
      ruby-progressbar (~> 0.0.9)
    gherkin (2.4.1)
      json (>= 1.4.6)
    haml (3.1.1)
    hashie (1.0.0)
    highline (1.6.2)
    hike (1.1.0)
    honeypot-captcha (0.0.2)
    hoptoad_notifier (2.4.11)
      activesupport
      builder
    hpricot (0.8.4)
    httpclient (2.2.1)
    i18n (0.6.0)
    jquery-rails (1.0.7)
      railties (~> 3.0)
      thor (~> 0.14)
    json (1.5.3)
    json_pure (1.5.3)
    kaminari (0.12.4)
      rails (>= 3.0.0)
    launchy (0.4.0)
      configuration (>= 0.0.5)
      rake (>= 0.8.1)
    linecache19 (0.5.12)
      ruby_core_source (>= 0.1.4)
    mail (2.3.0)
      i18n (>= 0.4.0)
      mime-types (~> 1.16)
      treetop (~> 1.4.8)
    mime-types (1.16)
    multi_json (1.0.3)
    multi_xml (0.2.2)
    multipart-post (1.1.1)
    net-ldap (0.2.2)
    net-scp (1.0.4)
      net-ssh (>= 1.99.1)
    net-sftp (2.0.5)
      net-ssh (>= 2.0.9)
    net-ssh (2.1.4)
    net-ssh-gateway (1.1.0)
      net-ssh (>= 1.99.1)
    nokogiri (1.4.6)
    oa-basic (0.2.6)
      oa-core (= 0.2.6)
      rest-client (~> 1.6.0)
    oa-core (0.2.6)
    oa-enterprise (0.2.6)
      addressable (= 2.2.4)
      net-ldap (~> 0.2.2)
      nokogiri (~> 1.4.2)
      oa-core (= 0.2.6)
      pyu-ruby-sasl (~> 0.0.3.1)
      rubyntlm (~> 0.1.1)
    oa-more (0.2.6)
      multi_json (~> 1.0.0)
      oa-core (= 0.2.6)
      rest-client (~> 1.6.0)
    oa-oauth (0.2.6)
      faraday (~> 0.6.1)
      multi_json (~> 1.0.0)
      multi_xml (~> 0.2.2)
      oa-core (= 0.2.6)
      oauth (~> 0.4.0)
      oauth2 (~> 0.4.1)
    oa-openid (0.2.6)
      oa-core (= 0.2.6)
      rack-openid (~> 1.3.1)
      ruby-openid-apps-discovery (~> 1.2.0)
    oauth (0.4.4)
    oauth2 (0.4.1)
      faraday (~> 0.6.1)
      multi_json (>= 0.0.5)
    oauth2-core (0.1.4)
      activesupport (>= 0.0.0)
    omniauth (0.2.6)
      oa-basic (= 0.2.6)
      oa-core (= 0.2.6)
      oa-enterprise (= 0.2.6)
      oa-more (= 0.2.6)
      oa-oauth (= 0.2.6)
      oa-openid (= 0.2.6)
    orm_adapter (0.0.5)
    pg (0.11.0)
    polyglot (0.3.1)
    pyu-ruby-sasl (0.0.3.2)
    rack (1.3.0)
    rack-cache (1.0.2)
      rack (>= 0.4)
    rack-mount (0.8.1)
      rack (>= 1.0.0)
    rack-oauth2 (0.8.1)
      activesupport (>= 2.3)
      attr_required (>= 0.0.3)
      httpclient (>= 2.2.0.2)
      i18n
      json (>= 1.4.3)
      rack (>= 1.1)
    rack-openid (1.3.1)
      rack (>= 1.1.0)
      ruby-openid (>= 2.1.8)
    rack-ssl (1.3.2)
      rack
    rack-test (0.6.0)
      rack (>= 1.0)
    rails (3.1.0.rc1)
      actionmailer (= 3.1.0.rc1)
      actionpack (= 3.1.0.rc1)
      activerecord (= 3.1.0.rc1)
      activeresource (= 3.1.0.rc1)
      activesupport (= 3.1.0.rc1)
      bundler (~> 1.0)
      railties (= 3.1.0.rc1)
    railties (3.1.0.rc1)
      actionpack (= 3.1.0.rc1)
      activesupport (= 3.1.0.rc1)
      rack-ssl (~> 1.3.2)
      rake (>= 0.8.7)
      thor (~> 0.14.6)
    rake (0.9.2)
    rash (0.3.0)
      hashie (~> 1.0.0)
    rest-client (1.6.1)
      mime-types (>= 1.16)
    rspec (2.6.0)
      rspec-core (~> 2.6.0)
      rspec-expectations (~> 2.6.0)
      rspec-mocks (~> 2.6.0)
    rspec-core (2.6.2)
    rspec-expectations (2.6.0)
      diff-lcs (~> 1.1.2)
    rspec-mocks (2.6.0)
    rspec-rails (2.6.1.beta1)
      actionpack (~> 3.0)
      activesupport (~> 3.0)
      railties (~> 3.0)
      rspec (~> 2.6.0)
    ruby-debug-base19 (0.11.25)
      columnize (>= 0.3.1)
      linecache19 (>= 0.5.11)
      ruby_core_source (>= 0.1.4)
    ruby-debug19 (0.11.6)
      columnize (>= 0.3.1)
      linecache19 (>= 0.5.11)
      ruby-debug-base19 (>= 0.11.19)
    ruby-openid (2.1.8)
    ruby-openid-apps-discovery (1.2.0)
      ruby-openid (>= 2.1.7)
    ruby-progressbar (0.0.10)
    ruby_core_source (0.1.5)
      archive-tar-minitar (>= 0.5.2)
    ruby_parser (2.0.6)
      sexp_processor (~> 3.0)
    rubyntlm (0.1.1)
    rubyzip (0.9.4)
    sass (3.1.1)
    selenium-webdriver (0.2.1)
      childprocess (>= 0.1.7)
      ffi (>= 1.0.7)
      json_pure
      rubyzip
    sexp_processor (3.0.5)
    shoulda (2.11.3)
    simple_oauth (0.1.5)
    sprockets (2.0.0.beta.10)
      hike (~> 1.0)
      rack (~> 1.0)
      tilt (!= 1.3.0, ~> 1.1)
    sqlite3 (1.3.3)
    term-ansicolor (1.0.5)
    texticle (1.0.4.20101004123327)
    therubyracer (0.8.2)
    thor (0.14.6)
    tilt (1.3.2)
    timecop (0.3.5)
    treetop (1.4.9)
      polyglot (>= 0.3.1)
    twitter (1.5.0)
      faraday (~> 0.6.1)
      faraday_middleware (~> 0.6.3)
      hashie (~> 1.0.0)
      multi_json (~> 1.0.0)
      multi_xml (~> 0.2.0)
      rash (~> 0.3.0)
      simple_oauth (~> 0.1.5)
    tzinfo (0.3.28)
    uglifier (0.5.4)
      execjs (>= 0.3.0)
      multi_json (>= 1.0.2)
    warden (1.0.4)
      rack (>= 1.0)
    warden_oauth (0.1.1)
      oauth
      warden (>= 0.8.1)
    xpath (0.1.4)
      nokogiri (~> 1.3)

PLATFORMS
  ruby

DEPENDENCIES
  ancestry
  cancan
  capistrano
  capistrano-ext
  capybara
  coffee-filter
  coffee-script
  cucumber
  cucumber-rails (~> 0.5.1)
  database_cleaner
  delayed_job
  devise (~> 1.2.1)
  email_spec
  factory_girl_rails
  faraday
  fb_graph
  fuubar-cucumber
  haml
  honeypot-captcha
  hoptoad_notifier
  hpricot
  jquery-rails
  json
  kaminari
  launchy
  multi_json
  oauth2
  oauth2-core
  omniauth
  pg
  rails (= 3.1.0.rc1)
  rake
  rspec-core
  rspec-rails
  ruby-debug19
  ruby_parser
  sass
  shoulda
  sprockets
  sqlite3
  texticle
  therubyracer
  timecop
  twitter
  uglifier
  warden_oauth
